GIT
  remote: https://github.com/stattleship/stattleship-ruby.git
  revision: 9e1466a4e9ab3466400791638b92fc595d4c5267
  specs:
    stattleship-ruby (0.1.6)
      addressable (~> 2.3, <= 2.3.8)
      dotenv (~> 2.0, >= 2.0.2)
      link_header (~> 0.0.8)
      multi_json (~> 1.11, >= 1.11.2)
      oj (~> 2.14, >= 2.14.2)
      oj_mimic_json (~> 1.0, >= 1.0.1)
      ordinalize (~> 0.0.3)
      roar (~> 1.0, >= 1.0.4)
      virtus (~> 1.0, >= 1.0.5)

GEM
  remote: https://rubygems.org/
  specs:
    actionmailer (4.2.6)
      actionpack (= 4.2.6)
      actionview (= 4.2.6)
      activejob (= 4.2.6)
      mail (~> 2.5, >= 2.5.4)
      rails-dom-testing (~> 1.0, >= 1.0.5)
    actionpack (4.2.6)
      actionview (= 4.2.6)
      activesupport (= 4.2.6)
      rack (~> 1.6)
      rack-test (~> 0.6.2)
      rails-dom-testing (~> 1.0, >= 1.0.5)
      rails-html-sanitizer (~> 1.0, >= 1.0.2)
    actionview (4.2.6)
      activesupport (= 4.2.6)
      builder (~> 3.1)
      erubis (~> 2.7.0)
      rails-dom-testing (~> 1.0, >= 1.0.5)
      rails-html-sanitizer (~> 1.0, >= 1.0.2)
    activejob (4.2.6)
      activesupport (= 4.2.6)
      globalid (>= 0.3.0)
    activemodel (4.2.6)
      activesupport (= 4.2.6)
      builder (~> 3.1)
    activerecord (4.2.6)
      activemodel (= 4.2.6)
      activesupport (= 4.2.6)
      arel (~> 6.0)
    activesupport (4.2.6)
      i18n (~> 0.7)
      json (~> 1.7, >= 1.7.7)
      minitest (~> 5.1)
      thread_safe (~> 0.3, >= 0.3.4)
      tzinfo (~> 1.1)
    addressable (2.3.8)
    annotate (2.6.5)
      activerecord (>= 2.3.0)
      rake (>= 0.8.7)
    arel (6.0.3)
    axiom-types (0.1.1)
      descendants_tracker (~> 0.0.4)
      ice_nine (~> 0.11.0)
      thread_safe (~> 0.3, >= 0.3.1)
    babel-source (5.8.35)
    babel-transpiler (0.7.0)
      babel-source (>= 4.0, < 6)
      execjs (~> 2.0)
    bcrypt (3.1.11)
    binding_of_caller (0.7.2)
      debug_inspector (>= 0.0.1)
    builder (3.2.2)
    byebug (8.2.2)
    coercible (1.0.0)
      descendants_tracker (~> 0.0.1)
    coffee-rails (4.1.1)
      coffee-script (>= 2.2.0)
      railties (>= 4.0.0, < 5.1.x)
    coffee-script (2.4.1)
      coffee-script-source
      execjs
    coffee-script-source (1.10.0)
    concurrent-ruby (1.0.1)
    debug_inspector (0.0.2)
    descendants_tracker (0.0.4)
      thread_safe (~> 0.3, >= 0.3.1)
    devise (3.5.6)
      bcrypt (~> 3.0)
      orm_adapter (~> 0.1)
      railties (>= 3.2.6, < 5)
      responders
      thread_safe (~> 0.1)
      warden (~> 1.2.3)
    dotenv (2.1.0)
    dotenv-rails (2.1.0)
      dotenv (= 2.1.0)
      railties (>= 4.0, < 5.1)
    equalizer (0.0.11)
    erb2haml (0.1.5)
      html2haml
    erubis (2.7.0)
    execjs (2.6.0)
    font-awesome-rails (4.5.0.1)
      railties (>= 3.2, < 5.1)
    foundation-icons-sass-rails (3.0.0)
      railties (>= 3.1.1)
      sass-rails (>= 3.1.1)
    foundation-rails (6.2.0.1)
      railties (>= 3.1.0)
      sass (>= 3.3.0, < 3.5)
      sprockets-es6 (>= 0.9.0)
    friendly_id (5.1.0)
      activerecord (>= 4.0.0)
    geocoder (1.3.1)
    geokit (1.10.0)
    geokit-rails (2.1.0)
      geokit (~> 1.5)
      rails (>= 3.0)
    globalid (0.3.6)
      activesupport (>= 4.1.0)
    haml (4.0.7)
      tilt
    html2haml (2.0.0)
      erubis (~> 2.7.0)
      haml (~> 4.0.0)
      nokogiri (~> 1.6.0)
      ruby_parser (~> 3.5)
    humanize (1.1.0)
    i18n (0.7.0)
    ice_nine (0.11.2)
    jbuilder (2.4.1)
      activesupport (>= 3.0.0, < 5.1)
      multi_json (~> 1.2)
    jquery-rails (4.1.1)
      rails-dom-testing (>= 1, < 3)
      railties (>= 4.2.0)
      thor (>= 0.14, < 2.0)
    json (1.8.3)
    kgio (2.10.0)
    link_header (0.0.8)
    loofah (2.0.3)
      nokogiri (>= 1.5.9)
    mail (2.6.4)
      mime-types (>= 1.16, < 4)
    mapbox-rails (1.6.1.1)
    mime-types (3.0)
      mime-types-data (~> 3.2015)
    mime-types-data (3.2016.0221)
    mina (0.3.8)
      open4 (~> 1.3.4)
      rake
    mini_portile2 (2.0.0)
    minitest (5.8.4)
    minitest-byebug (0.0.3)
      byebug
      minitest (~> 5.0)
    multi_json (1.11.2)
    mysql2 (0.4.3)
    nokogiri (1.6.7.2)
      mini_portile2 (~> 2.0.0.rc2)
    oj (2.14.6)
    oj_mimic_json (1.0.1)
    open4 (1.3.4)
    ordinalize (0.0.3)
      humanize
    orm_adapter (0.5.0)
    rack (1.6.4)
    rack-test (0.6.3)
      rack (>= 1.0)
    rack-tracker (1.1.0)
      activesupport (>= 3.0)
      rack (>= 1.4)
      tilt (>= 1.4)
    rails (4.2.6)
      actionmailer (= 4.2.6)
      actionpack (= 4.2.6)
      actionview (= 4.2.6)
      activejob (= 4.2.6)
      activemodel (= 4.2.6)
      activerecord (= 4.2.6)
      activesupport (= 4.2.6)
      bundler (>= 1.3.0, < 2.0)
      railties (= 4.2.6)
      sprockets-rails
    rails-deprecated_sanitizer (1.0.3)
      activesupport (>= 4.2.0.alpha)
    rails-dom-testing (1.0.7)
      activesupport (>= 4.2.0.beta, < 5.0)
      nokogiri (~> 1.6.0)
      rails-deprecated_sanitizer (>= 1.0.1)
    rails-html-sanitizer (1.0.3)
      loofah (~> 2.0)
    railties (4.2.6)
      actionpack (= 4.2.6)
      activesupport (= 4.2.6)
      rake (>= 0.8.7)
      thor (>= 0.18.1, < 2.0)
    raindrops (0.16.0)
    rake (11.1.1)
    rdoc (4.2.2)
      json (~> 1.4)
    representable (2.3.0)
      uber (~> 0.0.7)
    responders (2.1.2)
      railties (>= 4.2.0, < 5.1)
    roar (1.0.4)
      representable (>= 2.0.1, < 2.4.0)
    ruby_parser (3.8.1)
      sexp_processor (~> 4.1)
    sass (3.4.21)
    sass-rails (5.0.4)
      railties (>= 4.0.0, < 5.0)
      sass (~> 3.1)
      sprockets (>= 2.8, < 4.0)
      sprockets-rails (>= 2.0, < 4.0)
      tilt (>= 1.1, < 3)
    sdoc (0.4.1)
      json (~> 1.7, >= 1.7.7)
      rdoc (~> 4.0)
    sexp_processor (4.7.0)
    spring (1.6.4)
    sprockets (3.5.2)
      concurrent-ruby (~> 1.0)
      rack (> 1, < 3)
    sprockets-es6 (0.9.0)
      babel-source (>= 5.8.11)
      babel-transpiler
      sprockets (>= 3.0.0)
    sprockets-rails (3.0.4)
      actionpack (>= 4.0)
      activesupport (>= 4.0)
      sprockets (>= 3.0.0)
    thor (0.19.1)
    thread_safe (0.3.5)
    tilt (2.0.2)
    turbolinks (2.5.3)
      coffee-rails
    tzinfo (1.2.2)
      thread_safe (~> 0.1)
    uber (0.0.15)
    uglifier (3.0.0)
      execjs (>= 0.3.0, < 3)
    unicorn (5.1.0)
      kgio (~> 2.6)
      raindrops (~> 0.7)
    virtus (1.0.5)
      axiom-types (~> 0.1)
      coercible (~> 1.0)
      descendants_tracker (~> 0.0, >= 0.0.3)
      equalizer (~> 0.0, >= 0.0.9)
    warden (1.2.6)
      rack (>= 1.0)
    web-console (2.3.0)
      activemodel (>= 4.0)
      binding_of_caller (>= 0.7.2)
      railties (>= 4.0)
      sprockets-rails (>= 2.0, < 4.0)

PLATFORMS
  ruby

DEPENDENCIES
  annotate
  byebug
  coffee-rails (~> 4.1.0)
  devise
  dotenv-rails
  erb2haml
  font-awesome-rails
  foundation-icons-sass-rails
  foundation-rails
  friendly_id (~> 5.1.0)
  geocoder
  geokit-rails
  haml
  jbuilder (~> 2.0)
  jquery-rails
  mapbox-rails
  mina
  minitest-byebug
  mysql2 (>= 0.3.13, < 0.5)
  rack-tracker
  rails (= 4.2.6)
  sass-rails (~> 5.0)
  sdoc (~> 0.4.0)
  spring
  stattleship-ruby (= 0.1.6)!
  turbolinks
  uglifier (>= 1.3.0)
  unicorn
  web-console (~> 2.0)

BUNDLED WITH
   1.11.2
